PATH
  remote: .
  specs:
    changecase_rb (0.1.0)

GEM
  remote: https://rubygems.org/
  specs:
    ast (2.4.2)
    json (2.6.3)
    language_server-protocol (3.17.0.3)
    minitest (5.20.0)
    parallel (1.23.0)
    parser (3.2.2.4)
      ast (~> 2.4.1)
      racc
    racc (1.7.2)
    rainbow (3.1.1)
    rake (13.1.0)
    rake-compiler (1.2.5)
      rake
    rb_sys (0.9.82)
    regexp_parser (2.8.2)
    rexml (3.2.6)
    rubocop (1.57.2)
      json (~> 2.3)
      language_server-protocol (>= 3.17.0)
      parallel (~> 1.10)
      parser (>= 3.2.2.4)
      rainbow (>= 2.2.2, < 4.0)
      regexp_parser (>= 1.8, < 3.0)
      rexml (>= 3.2.5, < 4.0)
      rubocop-ast (>= 1.28.1, < 2.0)
      ruby-progressbar (~> 1.7)
      unicode-display_width (>= 2.4.0, < 3.0)
    rubocop-ast (1.30.0)
      parser (>= 3.2.1.0)
    ruby-progressbar (1.13.0)
    unicode-display_width (2.5.0)

PLATFORMS
  arm64-darwin-22

DEPENDENCIES
  changecase_rb!
  minitest (~> 5.0)
  rake (~> 13.0)
  rake-compiler
  rb_sys (~> 0.9.63)
  rubocop (~> 1.21)

BUNDLED WITH
   2.4.21
